GEM
  remote: http://rubygems.org/
  specs:
    amq-protocol (2.3.0)
    bunny (2.14.3)
      amq-protocol (~> 2.3, >= 2.3.0)
    byebug (11.0.1)
    dotenv (2.7.5)
    ffi (1.11.2)
    listen (3.2.0)
      rb-fsevent (~> 0.10, >= 0.10.3)
      rb-inotify (~> 0.9, >= 0.9.10)
    rb-fsevent (0.10.3)
    rb-inotify (0.10.0)
      ffi (~> 1.0)
    rerun (0.13.0)
      listen (~> 3.0)
    rubyzip (2.0.0)
    rufo (0.7.0)

PLATFORMS
  ruby

DEPENDENCIES
  bunny (>= 2.14.1)
  byebug
  dotenv
  rerun
  rubyzip
  rufo

RUBY VERSION
   ruby 2.6.6p146

BUNDLED WITH
   2.2.16
